GEM
  remote: https://rubygems.org/
  specs:
    activesupport (6.1.4.1)
      concurrent-ruby (~> 1.0, >= 1.0.2)
      i18n (>= 1.6, < 2)
      minitest (>= 5.1)
      tzinfo (~> 2.0)
      zeitwerk (~> 2.3)
    ast (2.4.2)
    concurrent-ruby (1.1.9)
    hanami-router (2.0.0.alpha5)
      mustermann (~> 1.0)
      mustermann-contrib (~> 1.0)
      rack (~> 2.0)
    hansi (0.2.0)
    hibana (0.2.0)
      hanami-router (>= 2.0.0.alpha3)
      rack
      tilt
    html-pipeline (2.14.0)
      activesupport (>= 2)
      nokogiri (>= 1.4)
    i18n (1.8.10)
      concurrent-ruby (~> 1.0)
    mini_portile2 (2.6.1)
    minitest (5.14.4)
    mustermann (1.1.1)
      ruby2_keywords (~> 0.0.1)
    mustermann-contrib (1.1.1)
      hansi (~> 0.2.0)
      mustermann (= 1.1.1)
    nokogiri (1.12.5)
      mini_portile2 (~> 2.6.1)
      racc (~> 1.4)
    parallel (1.21.0)
    parser (3.0.2.0)
      ast (~> 2.4.1)
    racc (1.6.0)
    rack (2.2.3)
    rack-capture (0.4.0)
      rack
    rainbow (3.0.0)
    rake (13.0.6)
    redcarpet (3.5.1)
    regexp_parser (2.1.1)
    rexml (3.2.5)
    rubocop (1.22.2)
      parallel (~> 1.10)
      parser (>= 3.0.0.0)
      rainbow (>= 2.2.2, < 4.0)
      regexp_parser (>= 1.8, < 3.0)
      rexml
      rubocop-ast (>= 1.12.0, < 2.0)
      ruby-progressbar (~> 1.7)
      unicode-display_width (>= 1.4.0, < 3.0)
    rubocop-ast (1.12.0)
      parser (>= 3.0.1.1)
    ruby-progressbar (1.11.0)
    ruby2_keywords (0.0.5)
    tilt (2.0.10)
    tzinfo (2.0.4)
      concurrent-ruby (~> 1.0)
    unicode-display_width (2.1.0)
    zeitwerk (2.5.1)

PLATFORMS
  ruby

DEPENDENCIES
  hibana
  html-pipeline
  nokogiri
  rack
  rack-capture
  rake
  redcarpet
  rubocop

BUNDLED WITH
   2.1.4
