GEM
  remote: https://rubygems.org/
  specs:
    concurrent-ruby (1.1.5)
    hanami-router (1.3.1)
      hanami-utils (~> 1.3)
      http_router (= 0.11.2)
      rack (~> 2.0)
    hanami-utils (1.3.5)
      concurrent-ruby (~> 1.0)
      transproc (~> 1.0)
    hibana (0.1.0)
      hanami-router
      rack
      tilt
    http_router (0.11.2)
      rack (>= 1.0.0)
      url_mount (~> 0.2.1)
    mini_portile2 (2.4.0)
    nokogiri (1.10.7)
      mini_portile2 (~> 2.4.0)
    rack (2.0.8)
    rake (13.0.1)
    redcarpet (3.5.0)
    tilt (2.0.10)
    transproc (1.1.1)
    url_mount (0.2.1)
      rack

PLATFORMS
  ruby

DEPENDENCIES
  hibana
  nokogiri
  rake
  redcarpet

BUNDLED WITH
   1.17.3
